PATH
  remote: .
  specs:
    yonder (0.1)
      httpx (~> 1.5)

GEM
  remote: https://rubygems.org/
  specs:
    http-2 (1.1.1)
    httpx (1.5.1)
      http-2 (>= 1.0.0)

PLATFORMS
  ruby
  x86_64-linux

DEPENDENCIES
  yonder!

BUNDLED WITH
   2.6.9
